GEM
  remote: http://rubygems.org/
  specs:
    activesupport (3.0.9)
    blather (0.5.3)
      activesupport (>= 3.0.7)
      eventmachine (~> 0.12.6)
      minitest (>= 1.7.1)
      niceogiri (>= 0.0.4)
      nokogiri (>= 1.4.0)
    bson (1.3.1)
    bson_ext (1.3.1)
    dropbox (1.3.0)
      json (>= 1.2.0)
      multipart-post (>= 1.1.0)
      oauth (>= 0.3.6)
    eventmachine (0.12.10)
    haml (3.1.2)
    i18n (0.6.0)
    json (1.5.3)
    mail (2.3.0)
      i18n (>= 0.4.0)
      mime-types (~> 1.16)
      treetop (~> 1.4.8)
    mechanize (2.0.1)
      net-http-digest_auth (~> 1.1, >= 1.1.1)
      net-http-persistent (~> 1.8)
      nokogiri (~> 1.4)
      webrobots (~> 0.0, >= 0.0.9)
    mime-types (1.16)
    minitest (2.3.1)
    mongo (1.3.1)
      bson (>= 1.3.1)
    multipart-post (1.1.3)
    net-http-digest_auth (1.1.1)
    net-http-persistent (1.8)
    niceogiri (0.0.4)
      nokogiri (>= 1.4.0)
    nokogiri (1.5.0)
    oauth (0.4.5)
    polyglot (0.3.2)
    pony (1.3)
      mail (> 2.0)
    rack (1.3.2)
    rdropbox (1.1.0)
      json (>= 1.2.0)
      multipart-post (>= 1.0)
      oauth (>= 0.3.6)
    rufus-scheduler (2.0.10)
      tzinfo (>= 0.3.23)
    sinatra (1.2.6)
      rack (~> 1.1)
      tilt (>= 1.2.2, < 2.0)
    tilt (1.3.2)
    tmail (1.2.7.1)
    treetop (1.4.10)
      polyglot
      polyglot (>= 0.3.1)
    tzinfo (0.3.29)
    webrobots (0.0.10)
      nokogiri (>= 1.4.4)
    xml-simple (1.1.0)

PLATFORMS
  ruby

DEPENDENCIES
  activesupport
  blather
  bson_ext
  dropbox
  eventmachine
  haml
  mechanize
  mongo
  nokogiri
  oauth
  pony
  rdropbox
  rufus-scheduler
  sinatra
  tmail
  xml-simple
